GEM
  remote: https://rubygems.org/
  specs:
    genetica (0.0.1)
    rmagick (2.13.4)

PLATFORMS
  ruby

DEPENDENCIES
  genetica
  rmagick
